GEM
  remote: https://rubygems.org/
  specs:
    cgi (0.3.2)
    erb (2.2.3)
      cgi
    ostruct (0.5.5)
    rake (13.0.6)
    yaml (0.2.0)

PLATFORMS
  universal-darwin-21

DEPENDENCIES
  erb
  ostruct
  rake
  yaml

BUNDLED WITH
   2.3.18
